GEM
  specs:
    minitest (5.8.0)
    rack (1.6.4)
    rake (10.4.2)
    sequel (4.20.0)

PLATFORMS
  ruby

DEPENDENCIES
  minitest (~> 5.1)
  rack
  rake (= 10.4.2)
  sequel

BUNDLED WITH
   1.12.5
